GIT
  remote: git://github.com/undees/neography.git
  revision: 971d94b166add4c5aab0ae2a55a47ba0cd6a1b8e
  branch: warbler
  specs:
    neography (0.0.7)
      httparty (~> 0.6.1)
      json

GEM
  remote: http://rubygems.org/
  specs:
    bouncy-castle-java (1.5.0146.1)
    builder (3.0.0)
    crack (0.1.8)
    cucumber (0.10.2)
      builder (>= 2.1.2)
      diff-lcs (>= 1.1.2)
      gherkin (>= 2.3.5)
      json (>= 1.4.6)
      term-ansicolor (>= 1.0.5)
    diff-lcs (1.1.2)
    gherkin (2.3.7)
      json (>= 1.4.6)
    httparty (0.6.1)
      crack (= 0.1.8)
    jruby-openssl (0.7.4)
      bouncy-castle-java
    json (1.5.1)
    rack (1.2.2)
    rspec (2.5.0)
      rspec-core (~> 2.5.0)
      rspec-expectations (~> 2.5.0)
      rspec-mocks (~> 2.5.0)
    rspec-core (2.5.2)
    rspec-expectations (2.5.0)
      diff-lcs (~> 1.1.2)
    rspec-mocks (2.5.0)
    sinatra (1.2.6)
      rack (~> 1.1)
      tilt (< 2.0, >= 1.2.2)
    term-ansicolor (1.0.5)
    tilt (1.3)

PLATFORMS
  ruby

DEPENDENCIES
  cucumber
  jruby-openssl (~> 0.7)
  neography (~> 0.0.7)!
  rspec
  sinatra (~> 1.2.6)
